GEM
  remote: http://rubygems.org/
  specs:
    actionmailer (2.3.14)
      actionpack (= 2.3.14)
    actionpack (2.3.14)
      activesupport (= 2.3.14)
      rack (~> 1.1.0)
    activerecord (2.3.14)
      activesupport (= 2.3.14)
    activeresource (2.3.14)
      activesupport (= 2.3.14)
    activesupport (2.3.14)
    curb (0.8.0)
    factory_girl (1.2.2)
    handsoap (1.1.8)
    hpricot (0.8.6)
    log4r (1.1.10)
    mysql (2.8.1)
    nokogiri (1.5.0)
    rack (1.1.3)
    rails (2.3.14)
      actionmailer (= 2.3.14)
      actionpack (= 2.3.14)
      activerecord (= 2.3.14)
      activeresource (= 2.3.14)
      activesupport (= 2.3.14)
      rake (>= 0.8.3)
    rake (0.9.2.2)
    rspec (1.3.2)
    rspec-rails (1.3.4)
      rack (>= 1.0.0)
      rspec (~> 1.3.1)
    ruby-net-ldap (0.0.4)
    shoulda (2.11.3)
    sqlite3 (1.3.5)
    super_exception_notifier (3.0.13)
      actionmailer
      rake
    timecop (0.3.5)
    will_paginate (2.3.16)

PLATFORMS
  ruby

DEPENDENCIES
  curb
  factory_girl (= 1.2.2)
  handsoap
  hpricot
  log4r
  mysql
  nokogiri
  rails (= 2.3.14)
  rspec (~> 1.3.2)
  rspec-rails (~> 1.3.2)
  ruby-net-ldap
  shoulda
  sqlite3
  super_exception_notifier
  timecop
  will_paginate (= 2.3.16)
